GEM
  specs:
    coderay (1.1.3)
    method_source (1.0.0)
    nokogiri (1.14.2-x86_64-linux)
      racc (~> 1.4)
    optparse (0.3.1)
    pry (0.14.1)
      coderay (~> 1.1)
      method_source (~> 1.0)
    racc (1.5.1)

PLATFORMS
  x86_64-linux

DEPENDENCIES
  nokogiri
  optparse
  pry

BUNDLED WITH
   2.2.22
